GEM
  remote: http://rubygems.org/
  specs:
    activemodel (3.0.3)
      activesupport (= 3.0.3)
      builder (~> 2.1.2)
      i18n (~> 0.4)
    activerecord (3.0.3)
      activemodel (= 3.0.3)
      activesupport (= 3.0.3)
      arel (~> 2.0.2)
      tzinfo (~> 0.3.23)
    activesupport (3.0.3)
    arel (2.0.8)
    builder (2.1.2)
    columnize (0.3.6)
    i18n (0.5.0)
    linecache (0.46)
      rbx-require-relative (> 0.0.4)
    minitest (3.1.0)
    mysql2 (0.2.6)
    pg (0.10.1)
    rake (0.8.7)
    rbx-require-relative (0.0.9)
    ruby-debug (0.10.4)
      columnize (>= 0.1)
      ruby-debug-base (~> 0.10.4.0)
    ruby-debug-base (0.10.4)
      linecache (>= 0.3)
    shoulda (3.0.1)
      shoulda-context (~> 1.0.0)
      shoulda-matchers (~> 1.0.0)
    shoulda-context (1.0.0)
    shoulda-matchers (1.0.0)
    tzinfo (0.3.24)

PLATFORMS
  ruby

DEPENDENCIES
  activerecord (>= 3.0.1)
  minitest
  mysql2
  pg
  rake
  ruby-debug
  shoulda
