PATH
  remote: .
  specs:
    archivist (1.1.0.beta1)
      activerecord (>= 3.0.0)

GEM
  remote: http://rubygems.org/
  specs:
    activemodel (3.2.6)
      activesupport (= 3.2.6)
      builder (~> 3.0.0)
    activerecord (3.2.6)
      activemodel (= 3.2.6)
      activesupport (= 3.2.6)
      arel (~> 3.0.2)
      tzinfo (~> 0.3.29)
    activesupport (3.2.6)
      i18n (~> 0.6)
      multi_json (~> 1.0)
    appraisal (0.4.1)
      bundler
      rake
    arel (3.0.2)
    builder (3.0.0)
    coderay (1.0.7)
    i18n (0.6.0)
    method_source (0.7.1)
    minitest (3.1.0)
    multi_json (1.3.6)
    mysql2 (0.3.11)
    pg (0.14.0)
    pry (0.9.9.6)
      coderay (~> 1.0.5)
      method_source (~> 0.7.1)
      slop (>= 2.4.4, < 3)
    rake (0.9.2.2)
    shoulda (3.0.1)
      shoulda-context (~> 1.0.0)
      shoulda-matchers (~> 1.0.0)
    shoulda-context (1.0.0)
    shoulda-matchers (1.0.0)
    slop (2.4.4)
    tzinfo (0.3.33)

PLATFORMS
  ruby

DEPENDENCIES
  appraisal
  archivist!
  minitest
  mysql2
  pg
  pry
  rake
  shoulda
